PATH
  remote: .
  specs:
    singularity_dsl (3.0.6)
      coveralls (~> 0.8.0)
      json (~> 1.0)
      mixlib-shellout (~> 2.0)
      rainbow (~> 2.0.0)
      rake (~> 10.0)
      rspec (~> 3.0)
      rubocop (~> 0.24)
      terminal-table (~> 1.4)
      thor (~> 0.19)

GEM
  remote: https://rubygems.org/
  specs:
    ast (2.2.0)
    coveralls (0.8.13)
      json (~> 1.8)
      simplecov (~> 0.11.0)
      term-ansicolor (~> 1.3)
      thor (~> 0.19.1)
      tins (~> 1.6.0)
    diff-lcs (1.2.5)
    docile (1.1.5)
    gem-release (0.7.3)
    json (1.8.3)
    mixlib-shellout (2.2.6)
    parser (2.3.0.7)
      ast (~> 2.2)
    powerpack (0.1.1)
    rainbow (2.0.0)
    rake (10.5.0)
    rspec (3.4.0)
      rspec-core (~> 3.4.0)
      rspec-expectations (~> 3.4.0)
      rspec-mocks (~> 3.4.0)
    rspec-core (3.4.4)
      rspec-support (~> 3.4.0)
    rspec-expectations (3.4.0)
      diff-lcs (>= 1.2.0, < 2.0)
      rspec-support (~> 3.4.0)
    rspec-mocks (3.4.1)
      diff-lcs (>= 1.2.0, < 2.0)
      rspec-support (~> 3.4.0)
    rspec-support (3.4.1)
    rubocop (0.32.1)
      astrolabe (~> 1.3)
      parser (>= 2.2.2.5, < 3.0)
      powerpack (~> 0.1)
      rainbow (>= 1.99.1, < 3.0)
      ruby-progressbar (~> 1.4)
    ruby-progressbar (1.7.5)
    simplecov (0.11.2)
      docile (~> 1.1.0)
      json (~> 1.8)
      simplecov-html (~> 0.10.0)
    simplecov-html (0.10.0)
    term-ansicolor (1.3.2)
      tins (~> 1.0)
    terminal-table (1.5.2)
    thor (0.19.1)
    tins (1.6.0)
    unicode-display_width (1.0.3)

PLATFORMS
  ruby

DEPENDENCIES
  bundler (~> 1.3)
  gem-release
  singularity_dsl!

BUNDLED WITH
   1.11.2
